GEM
  remote: http://rubygems.org/
  specs:
    activesupport (3.0.8)
    git (1.2.5)
    i18n (0.6.0)
    jeweler (1.6.2)
      bundler (~> 1.0)
      git (>= 1.2.5)
      rake
    libxml-ruby (2.0.6)
    rake (0.9.2)
    rcov (0.9.9)
    rdoc (3.6.1)
    shoulda (2.11.3)

PLATFORMS
  ruby

DEPENDENCIES
  activesupport
  bundler
  i18n
  jeweler
  libxml-ruby (>= 1.1.4)
  rake
  rcov
  rdoc
  shoulda
