GEM
  remote: http://rubygems.org/
  specs:
    activesupport (3.0.7)
    git (1.2.5)
    i18n (0.5.0)
    jeweler (1.6.0)
      bundler (~> 1.0.0)
      git (>= 1.2.5)
      rake
    libxml-ruby (2.0.5)
    rake (0.9.0)
    rcov (0.9.9)
    shoulda (2.11.3)

PLATFORMS
  ruby

DEPENDENCIES
  activesupport
  bundler
  i18n
  jeweler
  libxml-ruby (>= 1.1.4)
  rcov
  shoulda
